GEM
  remote: https://rubygems.org/
  specs:
    diff-lcs (1.5.0)
    kramdown (2.4.0)
      rexml
    kramdown-parser-gfm (1.1.0)
      kramdown (~> 2.0)
    nokogiri (1.15.2-x64-mingw-ucrt)
      racc (~> 1.4)
    racc (1.7.0)
    rack (2.2.7)
    rexml (3.2.5)
    rouge (4.1.2)
    rspec (3.12.0)
      rspec-core (~> 3.12.0)
      rspec-expectations (~> 3.12.0)
      rspec-mocks (~> 3.12.0)
    rspec-core (3.12.2)
      rspec-support (~> 3.12.0)
    rspec-expectations (3.12.3)
      diff-lcs (>= 1.2.0, < 2.0)
      rspec-support (~> 3.12.0)
    rspec-mocks (3.12.5)
      diff-lcs (>= 1.2.0, < 2.0)
      rspec-support (~> 3.12.0)
    rspec-support (3.12.0)

PLATFORMS
  x64-mingw-ucrt

DEPENDENCIES
  kramdown-parser-gfm (~> 1.1)
  nokogiri
  rack (~> 2.2.4)
  rouge (~> 4.1)
  rspec

BUNDLED WITH
   2.4.13
